PATH
  remote: .
  specs:
    html_validation (1.0.0)

GEM
  remote: http://rubygems.org/
  specs:
    diff-lcs (1.1.3)
    json (1.7.7)
    rdoc (4.0.0)
      json (~> 1.4)
    rspec (2.11.0)
      rspec-core (~> 2.11.0)
      rspec-expectations (~> 2.11.0)
      rspec-mocks (~> 2.11.0)
    rspec-core (2.11.1)
    rspec-expectations (2.11.2)
      diff-lcs (~> 1.1.3)
    rspec-mocks (2.11.1)
    thor (0.17.0)

PLATFORMS
  ruby

DEPENDENCIES
  bundler
  html_validation!
  rdoc
  rspec
  thor
